GEM
  remote: https://rubygems.org/
  specs:
    haml (4.0.6)
      tilt
    json (1.8.1)
    kgio (2.9.3)
    rack (1.6.1)
    rack-protection (1.5.3)
      rack
    raindrops (0.13.0)
    rake (10.1.1)
    require_all (1.3.2)
    rmagick (2.15.2)
    sass (3.4.14)
    sinatra (1.4.6)
      rack (~> 1.4)
      rack-protection (~> 1.4)
      tilt (>= 1.3, < 3)
    tilt (2.0.1)
    unicorn (4.9.0)
      kgio (~> 2.6)
      rack
      raindrops (~> 0.7)

PLATFORMS
  ruby

DEPENDENCIES
  haml
  json
  rake
  require_all
  rmagick
  sass
  sinatra
  unicorn

BUNDLED WITH
   1.10.4
